GEM
  remote: http://rubygems.org/
  specs:
    aws-s3 (0.6.3)
      builder
      mime-types
      xml-simple
    builder (3.2.0)
    chunky_png (1.2.7)
    compass (0.12.2)
      chunky_png (~> 1.2)
      fssm (>= 0.2.7)
      sass (~> 3.1)
    diff-lcs (1.2.1)
    fssm (0.2.10)
    haml (4.0.1)
      tilt
    i18n (0.6.4)
    mail (2.5.3)
      i18n (>= 0.4.0)
      mime-types (~> 1.16)
      treetop (~> 1.4.8)
    mime-types (1.21)
    polyglot (0.3.3)
    pony (1.4)
      mail (> 2.0)
    rack (1.5.2)
    rack-protection (1.5.0)
      rack
    rack-test (0.6.2)
      rack (>= 1.0)
    rake (10.0.3)
    rspec (2.13.0)
      rspec-core (~> 2.13.0)
      rspec-expectations (~> 2.13.0)
      rspec-mocks (~> 2.13.0)
    rspec-core (2.13.1)
    rspec-expectations (2.13.0)
      diff-lcs (>= 1.1.3, < 2.0)
    rspec-mocks (2.13.0)
    sass (3.2.7)
    sinatra (1.4.2)
      rack (~> 1.5, >= 1.5.2)
      rack-protection (~> 1.4)
      tilt (~> 1.3, >= 1.3.4)
    sinatra-static-assets (1.0.4)
      sinatra (>= 1.1.0)
    tilt (1.3.6)
    treetop (1.4.12)
      polyglot
      polyglot (>= 0.3.1)
    xml-simple (1.1.2)

PLATFORMS
  ruby

DEPENDENCIES
  aws-s3
  compass
  haml
  pony
  rack-test
  rake
  rspec
  sinatra (>= 1.0)
  sinatra-static-assets
